GIT
  remote: git://github.com/gregbell/active_admin.git
  revision: 6966a84c950b0c86f713548e78587ea659e13c55
  specs:
    activeadmin (1.0.0.pre4)
      arbre (~> 1.0, >= 1.0.2)
      bourbon
      coffee-rails
      formtastic (~> 3.1)
      formtastic_i18n
      inherited_resources (~> 1.6)
      jquery-rails
      jquery-ui-rails
      kaminari (>= 0.15, < 2.0)
      railties (>= 3.2, < 5.1)
      ransack (~> 1.3)
      sass-rails
      sprockets (< 4.1)

GIT
  remote: git://github.com/plataformatec/devise.git
  revision: 5abdb65e5691dc9f95540c7c4a9060a30ae5cd9f
  specs:
    devise (4.2.0)
      bcrypt (~> 3.0)
      orm_adapter (~> 0.1)
      railties (>= 4.1.0, < 5.1)
      responders
      warden (~> 1.2.3)

GIT
  remote: git://github.com/svenfuchs/rails-i18n.git
  revision: f8c83ec753439d7286b9168bbb246e354866cb9e
  branch: rails-4-x
  specs:
    rails-i18n (4.0.9)
      i18n (~> 0.7)
      railties (~> 4.0)

GEM
  remote: https://rubygems.org/
  specs:
    actionmailer (4.1.4)
      actionpack (= 4.1.4)
      actionview (= 4.1.4)
      mail (~> 2.5.4)
    actionpack (4.1.4)
      actionview (= 4.1.4)
      activesupport (= 4.1.4)
      rack (~> 1.5.2)
      rack-test (~> 0.6.2)
    actionview (4.1.4)
      activesupport (= 4.1.4)
      builder (~> 3.1)
      erubis (~> 2.7.0)
    actionview-encoded_mail_to (1.0.9)
      rails
    activemodel (4.1.4)
      activesupport (= 4.1.4)
      builder (~> 3.1)
    activerecord (4.1.4)
      activemodel (= 4.1.4)
      activesupport (= 4.1.4)
      arel (~> 5.0.0)
    activesupport (4.1.4)
      i18n (~> 0.6, >= 0.6.9)
      json (~> 1.7, >= 1.7.7)
      minitest (~> 5.1)
      thread_safe (~> 0.1)
      tzinfo (~> 1.1)
    addressable (2.5.0)
      public_suffix (~> 2.0, >= 2.0.2)
    airbrussh (1.1.2)
      sshkit (>= 1.6.1, != 1.7.0)
    arbre (1.1.1)
      activesupport (>= 3.0.0)
    arel (5.0.1.20140414130214)
    autoprefixer-rails (6.7.5)
      execjs
    bcrypt (3.1.11)
    bcrypt (3.1.11-x64-mingw32)
    better_errors (2.1.1)
      coderay (>= 1.0.0)
      erubis (>= 2.6.6)
      rack (>= 0.9.0)
    binding_of_caller (0.7.2)
      debug_inspector (>= 0.0.1)
    bootstrap-sass (3.3.5)
      autoprefixer-rails (>= 5.0.0.1)
      sass (>= 3.2.19)
    bootstrap-sass-extras (0.0.7)
      rails (>= 3.1.0)
    bootstrap3-datetimepicker-rails (4.14.30)
      momentjs-rails (>= 2.8.1)
    bourbon (4.3.3)
      sass (~> 3.4)
      thor (~> 0.19)
    builder (3.2.3)
    capistrano (3.7.2)
      airbrussh (>= 1.0.0)
      capistrano-harrow
      i18n
      rake (>= 10.0.0)
      sshkit (>= 1.9.0)
    capistrano-bundler (1.2.0)
      capistrano (~> 3.1)
      sshkit (~> 1.2)
    capistrano-harrow (0.5.3)
    capistrano-passenger (0.2.0)
      capistrano (~> 3.0)
    capistrano-rails (1.2.2)
      capistrano (~> 3.1)
      capistrano-bundler (~> 1.1)
    capybara (2.4.4)
      mime-types (>= 1.16)
      nokogiri (>= 1.3.3)
      rack (>= 1.0.0)
      rack-test (>= 0.5.4)
      xpath (~> 2.0)
    carrierwave (1.0.0)
      activemodel (>= 4.0.0)
      activesupport (>= 4.0.0)
      mime-types (>= 1.16)
    childprocess (0.6.2)
      ffi (~> 1.0, >= 1.0.11)
    chroma (0.1.0)
    ckeditor (4.2.2)
      cocaine
      orm_adapter (~> 0.5.0)
    climate_control (0.1.0)
    cocaine (0.5.8)
      climate_control (>= 0.0.3, < 1.0)
    coderay (1.1.1)
    coffee-rails (4.0.1)
      coffee-script (>= 2.2.0)
      railties (>= 4.0.0, < 5.0)
    coffee-script (2.4.1)
      coffee-script-source
      execjs
    coffee-script-source (1.12.2)
    concurrent-ruby (1.0.4)
    database_cleaner (1.5.3)
    date_validator (0.9.0)
      activemodel
      activesupport
    debug_inspector (0.0.2)
    devise-i18n (1.1.1)
    diff-lcs (1.3)
    erubis (2.7.0)
    execjs (2.7.0)
    factory_girl (4.4.0)
      activesupport (>= 3.0.0)
    factory_girl_rails (4.4.1)
      factory_girl (~> 4.4.0)
      railties (>= 3.0.0)
    ffaker (2.1.0)
    ffi (1.9.17)
    ffi (1.9.17-x64-mingw32)
    font-awesome-rails (4.7.0.1)
      railties (>= 3.2, < 5.1)
    formtastic (3.1.5)
      actionpack (>= 3.2.13)
    formtastic_i18n (0.6.0)
    friendly_id (5.1.0)
      activerecord (>= 4.0.0)
    has_scope (0.7.0)
      actionpack (>= 4.1, < 5.1)
      activesupport (>= 4.1, < 5.1)
    i18n (0.8.1)
    inherited_resources (1.7.0)
      actionpack (>= 3.2, < 5.1)
      has_scope (~> 0.6)
      railties (>= 3.2, < 5.1)
      responders
    jbuilder (2.6.3)
      activesupport (>= 3.0.0, < 5.2)
      multi_json (~> 1.2)
    jquery-rails (3.1.4)
      railties (>= 3.0, < 5.0)
      thor (>= 0.14, < 2.0)
    jquery-ui-rails (6.0.1)
      railties (>= 3.2.16)
    json (1.8.6)
    kaminari (1.0.1)
      activesupport (>= 4.1.0)
      kaminari-actionview (= 1.0.1)
      kaminari-activerecord (= 1.0.1)
      kaminari-core (= 1.0.1)
    kaminari-actionview (1.0.1)
      actionview
      kaminari-core (= 1.0.1)
    kaminari-activerecord (1.0.1)
      activerecord
      kaminari-core (= 1.0.1)
    kaminari-core (1.0.1)
    launchy (2.4.3)
      addressable (~> 2.3)
    loofah (2.0.3)
      nokogiri (>= 1.5.9)
    mail (2.5.4)
      mime-types (~> 1.16)
      treetop (~> 1.4.8)
    mime-types (1.25.1)
    mini_magick (4.6.1)
    mini_portile2 (2.1.0)
    minitest (5.10.1)
    momentjs-rails (2.17.1)
      railties (>= 3.1)
    multi_json (1.12.1)
    net-scp (1.2.1)
      net-ssh (>= 2.6.5)
    net-ssh (4.1.0)
    nokogiri (1.7.0.1)
      mini_portile2 (~> 2.1.0)
    nokogiri (1.7.0.1-x64-mingw32)
      mini_portile2 (~> 2.1.0)
    orm_adapter (0.5.0)
    pg (0.19.0)
    pg (0.19.0-x64-mingw32)
    polyamorous (1.3.1)
      activerecord (>= 3.0)
    polyglot (0.3.5)
    public_suffix (2.0.5)
    pundit (1.1.0)
      activesupport (>= 3.0.0)
    rack (1.5.5)
    rack-test (0.6.3)
      rack (>= 1.0)
    rails (4.1.4)
      actionmailer (= 4.1.4)
      actionpack (= 4.1.4)
      actionview (= 4.1.4)
      activemodel (= 4.1.4)
      activerecord (= 4.1.4)
      activesupport (= 4.1.4)
      bundler (>= 1.3.0, < 2.0)
      railties (= 4.1.4)
      sprockets-rails (~> 2.0)
    rails-html-sanitizer (1.0.3)
      loofah (~> 2.0)
    railties (4.1.4)
      actionpack (= 4.1.4)
      activesupport (= 4.1.4)
      rake (>= 0.8.7)
      thor (>= 0.18.1, < 2.0)
    rake (12.0.0)
    ransack (1.8.2)
      actionpack (>= 3.0)
      activerecord (>= 3.0)
      activesupport (>= 3.0)
      i18n
      polyamorous (~> 1.3)
    rdoc (4.3.0)
    responders (1.1.2)
      railties (>= 3.2, < 4.2)
    rspec-core (3.5.4)
      rspec-support (~> 3.5.0)
    rspec-expectations (3.5.0)
      diff-lcs (>= 1.2.0, < 2.0)
      rspec-support (~> 3.5.0)
    rspec-mocks (3.5.0)
      diff-lcs (>= 1.2.0, < 2.0)
      rspec-support (~> 3.5.0)
    rspec-rails (3.5.2)
      actionpack (>= 3.0)
      activesupport (>= 3.0)
      railties (>= 3.0)
      rspec-core (~> 3.5.0)
      rspec-expectations (~> 3.5.0)
      rspec-mocks (~> 3.5.0)
      rspec-support (~> 3.5.0)
    rspec-support (3.5.0)
    rubyzip (1.2.1)
    sass (3.4.23)
    sass-rails (5.0.6)
      railties (>= 4.0.0, < 6)
      sass (~> 3.1)
      sprockets (>= 2.8, < 4.0)
      sprockets-rails (>= 2.0, < 4.0)
      tilt (>= 1.1, < 3)
    sdoc (0.4.2)
      json (~> 1.7, >= 1.7.7)
      rdoc (~> 4.0)
    selenium-webdriver (2.43.0)
      childprocess (~> 0.5)
      multi_json (~> 1.0)
      rubyzip (~> 1.0)
      websocket (~> 1.0)
    simple_form (3.4.0)
      actionpack (> 4, < 5.1)
      activemodel (> 4, < 5.1)
    slim (3.0.7)
      temple (~> 0.7.6)
      tilt (>= 1.3.3, < 2.1)
    slim-rails (3.1.1)
      actionpack (>= 3.1)
      railties (>= 3.1)
      slim (~> 3.0)
    sprockets (3.7.1)
      concurrent-ruby (~> 1.0)
      rack (> 1, < 3)
    sprockets-rails (2.3.3)
      actionpack (>= 3.0)
      activesupport (>= 3.0)
      sprockets (>= 2.8, < 4.0)
    sshkit (1.12.0)
      net-scp (>= 1.1.2)
      net-ssh (>= 2.8.0)
    temple (0.7.7)
    thor (0.19.4)
    thread_safe (0.3.6)
    tilt (2.0.6)
    treetop (1.4.15)
      polyglot
      polyglot (>= 0.3.1)
    turbolinks (5.0.1)
      turbolinks-source (~> 5)
    turbolinks-source (5.0.0)
    tzinfo (1.2.2)
      thread_safe (~> 0.1)
    tzinfo-data (1.2016.10)
      tzinfo (>= 1.0.0)
    uglifier (3.0.4)
      execjs (>= 0.3.0, < 3)
    validate_url (1.0.2)
      activemodel (>= 3.0.0)
      addressable
    validates_formatting_of (0.9.0)
      activemodel
    warden (1.2.7)
      rack (>= 1.0)
    websocket (1.2.4)
    xpath (2.0.0)
      nokogiri (~> 1.3)

PLATFORMS
  ruby
  x64-mingw32

DEPENDENCIES
  actionview-encoded_mail_to
  activeadmin!
  bcrypt (~> 3.1.7)
  better_errors
  binding_of_caller
  bootstrap-sass (= 3.3.5)
  bootstrap-sass-extras
  bootstrap3-datetimepicker-rails (~> 4.14.30)
  bundler
  capistrano-bundler
  capistrano-passenger
  capistrano-rails
  capybara (~> 2.4.4)
  carrierwave
  chroma
  ckeditor
  coffee-rails (~> 4.0.0)
  database_cleaner
  date_validator
  devise!
  devise-i18n
  factory_girl_rails (~> 4.4.1)
  ffaker (~> 2.1.0)
  font-awesome-rails
  friendly_id (~> 5.1.0)
  jbuilder (~> 2.0)
  jquery-rails
  kaminari
  launchy
  mini_magick
  momentjs-rails (>= 2.9.0)
  pg
  pundit
  rails (= 4.1.4)
  rails-html-sanitizer
  rails-i18n!
  rspec-rails (~> 3.5)
  sass-rails (~> 5.0.3)
  sdoc (~> 0.4.0)
  selenium-webdriver (~> 2.43.0)
  simple_form
  slim-rails
  turbolinks
  tzinfo-data
  uglifier (>= 1.3.0)
  validate_url
  validates_formatting_of

BUNDLED WITH
   1.13.2
